GEM
  remote: https://rubygems.org/
  specs:
    httparty (0.16.2)
      multi_xml (>= 0.5.2)
    memoist (0.16.0)
    multi_xml (0.6.0)
    tvdb2 (0.1.3)
      httparty (~> 0.15)
      memoist (~> 0.16)

PLATFORMS
  ruby

DEPENDENCIES
  tvdb2

BUNDLED WITH
   1.16.3
